PATH
  remote: .
  specs:
    synowebapi (0.0.3)
      faraday (~> 0)
      faraday_middleware (~> 0)
      httpclient

GEM
  remote: https://rubygems.org/
  specs:
    faraday (0.17.6)
      multipart-post (>= 1.2, < 3)
    faraday_middleware (0.14.0)
      faraday (>= 0.7.4, < 1.0)
    httpclient (2.8.3)
    multipart-post (2.4.0)

PLATFORMS
  x86_64-linux

DEPENDENCIES
  synowebapi!

BUNDLED WITH
   2.3.5
